GEM
  remote: http://rubygems.org/
  specs:
    awesome_print (1.2.0)
    builder (3.2.2)
    nokogiri (1.5.5)
    rbvmomi (1.8.1)
      builder
      nokogiri (>= 1.4.1)
      trollop
    trollop (2.0)

PLATFORMS
  ruby

DEPENDENCIES
  awesome_print
  nokogiri (= 1.5.5)
  rbvmomi
  trollop
